PATH
  remote: .
  specs:
    rakegrowl (0.2.0)

GEM
  remote: http://rubygems.org/
  specs:
    rspec (1.3.1)

PLATFORMS
  ruby

DEPENDENCIES
  rakegrowl!
  rspec (~> 1.3.0)
